PATH
  remote: .
  specs:
    event_emitter (0.2.5)

GEM
  remote: https://rubygems.org/
  specs:
    minitest (5.10.3)
    rake (12.0.0)

PLATFORMS
  java
  ruby

DEPENDENCIES
  bundler (~> 1.15)
  event_emitter!
  minitest
  rake

BUNDLED WITH
   1.15.3
